GEM
  remote: https://rubygems.org/
  specs:
    addressable (2.4.0)
    archive-zip (0.8.0)
      io-like (~> 0.3.0)
    coderay (1.1.0)
    daemons (1.2.3)
    eventmachine (1.0.9.1)
    gqtp (1.0.6)
    groonga-client (0.1.9)
      gqtp (>= 1.0.4)
      groonga-command (>= 1.0.8)
    groonga-command (1.1.6)
      json
    haml (4.0.7)
      tilt
    highline (1.7.8)
    i18n (0.6.11)
    io-like (0.3.0)
    json (1.8.3)
    launchy (2.4.3)
      addressable (~> 2.3)
    milkode (1.8.7)
      archive-zip (>= 0.4.0)
      coderay (>= 1.0.5)
      haml (>= 3.1.2)
      i18n (~> 0.6.5)
      launchy (>= 0.3.7)
      rack (>= 1.5.2)
      rroonga (>= 1.1.0)
      sass (>= 3.1.3)
      sinatra (>= 1.2.6)
      termcolor (>= 1.2.0, < 1.2.2)
      thin (>= 1.2.10, < 1.9.9)
      thor (>= 0.18.1)
      whichr (~> 0.3)
    os (0.9.6)
    pkg-config (1.1.7)
    rack (1.6.4)
    rack-protection (1.5.3)
      rack
    rroonga (5.1.1)
      archive-zip
      groonga-client (>= 0.0.3)
      json
      pkg-config
    sane (0.25.8)
      os (~> 0)
    sass (3.4.21)
    sinatra (1.4.7)
      rack (~> 1.5)
      rack-protection (~> 1.4)
      tilt (>= 1.3, < 3)
    termcolor (1.2.1)
      highline (>= 1.5.0)
    thin (1.6.4)
      daemons (~> 1.0, >= 1.0.9)
      eventmachine (~> 1.0, >= 1.0.4)
      rack (~> 1.0)
    thor (0.19.1)
    tilt (2.0.2)
    whichr (0.3.6)
      sane

PLATFORMS
  ruby

DEPENDENCIES
  milkode
